PATH
  remote: .
  specs:
    cure (0.4.0)
      artii (~> 2.1.2)
      faker (~> 3.2.2)
      rcsv (~> 0.3.1)
      sequel (~> 5.74.0)
      sqlite3 (~> 1.6.8)
      terminal-table (~> 3.0.2)

GEM
  remote: https://rubygems.org/
  specs:
    artii (2.1.2)
    ast (2.4.2)
    bigdecimal (3.1.5)
    concurrent-ruby (1.2.2)
    diff-lcs (1.4.4)
    docile (1.4.0)
    faker (3.2.2)
      i18n (>= 1.8.11, < 2)
    i18n (1.14.1)
      concurrent-ruby (~> 1.0)
    parallel (1.21.0)
    parser (3.0.2.0)
      ast (~> 2.4.1)
    rainbow (3.0.0)
    rake (13.0.6)
    rcsv (0.3.1)
    regexp_parser (2.1.1)
    rexml (3.2.5)
    rspec (3.10.0)
      rspec-core (~> 3.10.0)
      rspec-expectations (~> 3.10.0)
      rspec-mocks (~> 3.10.0)
    rspec-core (3.10.1)
      rspec-support (~> 3.10.0)
    rspec-expectations (3.10.1)
      diff-lcs (>= 1.2.0, < 2.0)
      rspec-support (~> 3.10.0)
    rspec-mocks (3.10.2)
      diff-lcs (>= 1.2.0, < 2.0)
      rspec-support (~> 3.10.0)
    rspec-support (3.10.3)
    rubocop (1.22.3)
      parallel (~> 1.10)
      parser (>= 3.0.0.0)
      rainbow (>= 2.2.2, < 4.0)
      regexp_parser (>= 1.8, < 3.0)
      rexml
      rubocop-ast (>= 1.12.0, < 2.0)
      ruby-progressbar (~> 1.7)
      unicode-display_width (>= 1.4.0, < 3.0)
    rubocop-ast (1.13.0)
      parser (>= 3.0.1.1)
    rubocop-performance (1.11.5)
      rubocop (>= 1.7.0, < 2.0)
      rubocop-ast (>= 0.4.0)
    ruby-progressbar (1.11.0)
    sequel (5.74.0)
      bigdecimal
    simplecov (0.21.2)
      docile (~> 1.1)
      simplecov-html (~> 0.11)
      simplecov_json_formatter (~> 0.1)
    simplecov-html (0.12.3)
    simplecov_json_formatter (0.1.4)
    sqlite3 (1.6.9-x86_64-linux)
    standard (1.4.0)
      rubocop (= 1.22.3)
      rubocop-performance (= 1.11.5)
    terminal-table (3.0.2)
      unicode-display_width (>= 1.1.1, < 3)
    unicode-display_width (2.1.0)

PLATFORMS
  ruby
  x86_64-linux

DEPENDENCIES
  cure!
  rake (~> 13.0)
  rspec (~> 3.0)
  rubocop (~> 1.21)
  simplecov
  standard

BUNDLED WITH
   2.3.13
